PATH
  remote: .
  specs:
    OOP (0.0.1)

GEM
  remote: https://rubygems.org/
  specs:
    addressable (2.2.8)
    ansi (1.4.2)
    capybara (1.1.2)
      mime-types (>= 1.16)
      nokogiri (>= 1.3.3)
      rack (>= 1.0.0)
      rack-test (>= 0.5.4)
      selenium-webdriver (~> 2.0)
      xpath (~> 0.1.4)
    childprocess (0.3.2)
      ffi (~> 1.0.6)
    ffi (1.0.11)
    growl (1.0.3)
    guard (1.0.3)
      ffi (>= 0.5.0)
      thor (>= 0.14.6)
    guard-minitest (0.5.0)
      guard (>= 0.4)
    guard-yard (1.0.2)
      guard (>= 0.2.2)
      yard (>= 0.7.0)
    kgio (2.7.4)
    libwebsocket (0.1.3)
      addressable
    mime-types (1.18)
    minitest (3.0.1)
    multi_json (1.3.6)
    mustache (0.99.4)
    nokogiri (1.5.4)
    rack (1.4.1)
    rack-test (0.6.1)
      rack (>= 1.0)
    raindrops (0.9.0)
    rake (0.9.2.2)
    redcarpet (2.1.1)
    rubyzip (0.9.8)
    selenium-webdriver (2.22.2)
      childprocess (>= 0.2.5)
      ffi (~> 1.0)
      libwebsocket (~> 0.1.3)
      multi_json (~> 1.0)
      rubyzip
    thor (0.15.2)
    turn (0.9.5)
      ansi
    unicorn (4.3.1)
      kgio (~> 2.6)
      rack
      raindrops (~> 0.7)
    xpath (0.1.4)
      nokogiri (~> 1.3)
    yard (0.8.2.1)

PLATFORMS
  ruby

DEPENDENCIES
  OOP!
  capybara
  growl
  guard
  guard-minitest
  guard-yard
  minitest
  mustache
  rack
  rake
  redcarpet
  turn
  unicorn
  yard
