PATH
  remote: .
  specs:
    oop (0.0.1)

GEM
  remote: https://rubygems.org/
  specs:
    ansi (1.4.2)
    ffi (1.0.11)
    growl (1.0.3)
    guard (1.0.3)
      ffi (>= 0.5.0)
      thor (>= 0.14.6)
    guard-minitest (0.5.0)
      guard (>= 0.4)
    minitest (3.0.1)
    mustache (0.99.4)
    rack (1.4.1)
    rake (0.9.2.2)
    thor (0.15.2)
    turn (0.9.5)
      ansi

PLATFORMS
  ruby

DEPENDENCIES
  growl
  guard
  guard-minitest
  minitest
  mustache
  oop!
  rack
  rake
  turn
